GEM
  remote: https://rubygems.org/
  specs:
    rack (2.0.6)
    rulers (0.0.2)
      rack (~> 2.0)

PLATFORMS
  ruby

DEPENDENCIES
  rulers

BUNDLED WITH
   2.0.1
